GEM
  remote: https://rubygems.org/
  specs:
    json (2.5.1)
    oauth (0.4.7)
    yelpster (1.3.0)
      json (>= 1.1.1)
      oauth (>= 0.4.5)

PLATFORMS
  ruby

DEPENDENCIES
  yelpster
